PATH
  remote: .
  specs:
    roadmap (0.1.0)
      bcrypt-ruby (~> 3.0.1)
      mysql2 (~> 0.3.11)
      rack (~> 1.5.1)
      rack-flash3 (~> 1.0.3)
      redcarpet (~> 2.2.2)
      rocketeer (~> 0.6.0)
      sequel (~> 3.44.0)
      sequel_sluggable (~> 0.0.6)
      sinatra (~> 1.3.4)

GEM
  remote: https://rubygems.org/
  specs:
    bacon (1.2.0)
    bcrypt-ruby (3.0.1)
    listen (0.7.2)
    mysql2 (0.3.11)
    rack (1.5.2)
    rack-flash3 (1.0.3)
      rack
      rack
    rack-protection (1.3.2)
      rack
    rb-fsevent (0.9.3)
    redcarpet (2.2.2)
    rocketeer (0.6.0)
    sass (3.2.5)
    sequel (3.44.0)
    sequel_sluggable (0.0.6)
      sequel (>= 3.0.0)
    sinatra (1.3.4)
      rack (~> 1.4)
      rack-protection (~> 1.3)
      tilt (~> 1.3, >= 1.3.3)
    tilt (1.3.3)

PLATFORMS
  ruby

DEPENDENCIES
  bacon (~> 1.2.0)
  listen (~> 0.7.2)
  rb-fsevent (~> 0.9.3)
  roadmap!
  sass (~> 3.2.5)
