PATH
  remote: .
  specs:
    roadmap (0.1.0)
      bcrypt-ruby (~> 3.0.1)
      mysql2 (~> 0.3.11)
      rack (~> 1.4.4)
      redcarpet (~> 2.2.2)
      rocketeer (~> 0.5.0)
      sequel (~> 3.43.0)
      sequel_sluggable (~> 0.0.6)
      sinatra (~> 1.3.3)

GEM
  remote: https://rubygems.org/
  specs:
    bacon (1.2.0)
    bcrypt-ruby (3.0.1)
    mysql2 (0.3.11)
    rack (1.4.4)
    rack-protection (1.3.2)
      rack
    redcarpet (2.2.2)
    rocketeer (0.5.0)
    sass (3.2.5)
    sequel (3.43.0)
    sequel_sluggable (0.0.6)
      sequel (>= 3.0.0)
    sinatra (1.3.3)
      rack (~> 1.3, >= 1.3.6)
      rack-protection (~> 1.2)
      tilt (~> 1.3, >= 1.3.3)
    tilt (1.3.3)

PLATFORMS
  ruby

DEPENDENCIES
  bacon (~> 1.2.0)
  roadmap!
  sass (~> 3.2.5)
