PATH
  remote: .
  specs:
    roadmap (0.1.0)
      bcrypt-ruby (~> 3.0.1)
      mysql2 (~> 0.3.11)
      rack (~> 1.5.1)
      rack-flash3 (~> 1.0.3)
      redcarpet (~> 2.2.2)
      rocketeer (~> 0.6.1)
      sequel (~> 3.44.0)
      sequel_sluggable (~> 0.0.6)
      shebang (~> 0.1)
      sinatra (~> 1.3.4)

GEM
  remote: https://rubygems.org/
  specs:
    bacon (1.2.0)
    bacon-colored_output (1.0.1)
      bacon
    bcrypt-ruby (3.0.1)
    listen (0.7.2)
    mysql2 (0.3.11)
    rack (1.5.2)
    rack-flash3 (1.0.3)
      rack
    rack-protection (1.3.2)
      rack
    rack-test (0.6.2)
      rack (>= 1.0)
    rake (10.0.3)
    rb-fsevent (0.9.3)
    redcarpet (2.2.2)
    rocketeer (0.6.1)
    sass (3.2.5)
    sequel (3.44.0)
    sequel_sluggable (0.0.6)
      sequel (>= 3.0.0)
    shebang (0.1)
    sinatra (1.3.5)
      rack (~> 1.4)
      rack-protection (~> 1.3)
      tilt (~> 1.3, >= 1.3.3)
    sqlite3 (1.3.7)
    tilt (1.3.3)

PLATFORMS
  ruby

DEPENDENCIES
  bacon (~> 1.2.0)
  bacon-colored_output (~> 1.0.1)
  listen (~> 0.7.2)
  rack-test (~> 0.6.2)
  rake (~> 10.0.3)
  rb-fsevent (~> 0.9.3)
  roadmap!
  sass (~> 3.2.5)
  sqlite3 (~> 1.3.7)
